PATH
  remote: vendor/engines/osb_api
  specs:
    osb_api (0.0.1)
      doorkeeper (= 5.4.0)
      grape (~> 1.3.3)
      grape-rabl (~> 0.3.0)
      grape-swagger
      grape-swagger-rails
      rack-cors
      rails (~> 6.0.2.2)

GEM
  remote: https://rubygems.org/
  specs:
    actioncable (6.0.2.2)
      actionpack (= 6.0.2.2)
      nio4r (~> 2.0)
      websocket-driver (>= 0.6.1)
    actionmailbox (6.0.2.2)
      actionpack (= 6.0.2.2)
      activejob (= 6.0.2.2)
      activerecord (= 6.0.2.2)
      activestorage (= 6.0.2.2)
      activesupport (= 6.0.2.2)
      mail (>= 2.7.1)
    actionmailer (6.0.2.2)
      actionpack (= 6.0.2.2)
      actionview (= 6.0.2.2)
      activejob (= 6.0.2.2)
      mail (~> 2.5, >= 2.5.4)
      rails-dom-testing (~> 2.0)
    actionpack (6.0.2.2)
      actionview (= 6.0.2.2)
      activesupport (= 6.0.2.2)
      rack (~> 2.0, >= 2.0.8)
      rack-test (>= 0.6.3)
      rails-dom-testing (~> 2.0)
      rails-html-sanitizer (~> 1.0, >= 1.2.0)
    actiontext (6.0.2.2)
      actionpack (= 6.0.2.2)
      activerecord (= 6.0.2.2)
      activestorage (= 6.0.2.2)
      activesupport (= 6.0.2.2)
      nokogiri (>= 1.8.5)
    actionview (6.0.2.2)
      activesupport (= 6.0.2.2)
      builder (~> 3.1)
      erubi (~> 1.4)
      rails-dom-testing (~> 2.0)
      rails-html-sanitizer (~> 1.1, >= 1.2.0)
    active_link_to (1.0.3)
      actionpack
    activejob (6.0.2.2)
      activesupport (= 6.0.2.2)
      globalid (>= 0.3.6)
    activemerchant (1.119.0)
      activesupport (>= 4.2)
      builder (>= 2.1.2, < 4.0.0)
      i18n (>= 0.6.9)
      nokogiri (~> 1.4)
    activemodel (6.0.2.2)
      activesupport (= 6.0.2.2)
    activerecord (6.0.2.2)
      activemodel (= 6.0.2.2)
      activesupport (= 6.0.2.2)
    activerecord-session_store (2.0.0)
      actionpack (>= 5.2.4.1)
      activerecord (>= 5.2.4.1)
      multi_json (~> 1.11, >= 1.11.2)
      rack (>= 2.0.8, < 3)
      railties (>= 5.2.4.1)
    activestorage (6.0.2.2)
      actionpack (= 6.0.2.2)
      activejob (= 6.0.2.2)
      activerecord (= 6.0.2.2)
      marcel (~> 0.3.1)
    activesupport (6.0.2.2)
      concurrent-ruby (~> 1.0, >= 1.0.2)
      i18n (>= 0.7, < 2)
      minitest (~> 5.1)
      tzinfo (~> 1.1)
      zeitwerk (~> 2.2)
    acts_as_archival (1.1.1)
      activerecord
    addressable (2.7.0)
      public_suffix (>= 2.0.2, < 5.0)
    airbrussh (1.4.0)
      sshkit (>= 1.6.1, != 1.7.0)
    awesome_print (1.7.0)
    bcrypt (3.1.16)
    better_errors (2.1.1)
      coderay (>= 1.0.0)
      erubis (>= 2.6.6)
      rack (>= 0.9.0)
    bigdecimal (1.4.4)
    binding_of_caller (1.0.0)
      debug_inspector (>= 0.0.1)
    browser (5.3.1)
    browser-timezone-rails (1.1.0)
      js_cookie_rails
      rails (>= 3.1)
    builder (3.2.4)
    capistrano (3.10.2)
      airbrussh (>= 1.0.0)
      i18n
      rake (>= 10.0.0)
      sshkit (>= 1.9.0)
    capistrano-bundler (1.6.0)
      capistrano (~> 3.1)
    capistrano-rails (1.1.3)
      capistrano (~> 3.1)
      capistrano-bundler (~> 1.1)
    capistrano-rvm (0.1.2)
      capistrano (~> 3.0)
      sshkit (~> 1.2)
    carrierwave (0.11.2)
      activemodel (>= 3.2.0)
      activesupport (>= 3.2.0)
      json (>= 1.7)
      mime-types (>= 1.16)
      mimemagic (>= 0.3.0)
    charlock_holmes (0.7.7)
    chartkick (4.0.4)
    chronic (0.10.2)
    cocoon (1.2.15)
    coderay (1.1.3)
    coffee-rails (5.0.0)
      coffee-script (>= 2.2.0)
      railties (>= 5.2.0)
    coffee-script (2.4.1)
      coffee-script-source
      execjs
    coffee-script-source (1.12.2)
    concurrent-ruby (1.1.9)
    connection_pool (2.2.5)
    copyright-header (1.0.15)
      github-linguist (~> 2.6)
    crass (1.0.6)
    daemons (1.2.3)
    debug_inspector (1.1.0)
    devise (4.8.0)
      bcrypt (~> 3.0)
      orm_adapter (~> 0.1)
      railties (>= 4.1.0)
      responders
      warden (~> 1.2.3)
    devise-encryptable (0.2.0)
      devise (>= 2.1.0)
    diff-lcs (1.4.4)
    domain_name (0.5.20190701)
      unf (>= 0.0.5, < 1.0.0)
    doorkeeper (5.4.0)
      railties (>= 5)
    dry-configurable (0.12.1)
      concurrent-ruby (~> 1.0)
      dry-core (~> 0.5, >= 0.5.0)
    dry-container (0.7.2)
      concurrent-ruby (~> 1.0)
      dry-configurable (~> 0.1, >= 0.1.3)
    dry-core (0.5.0)
      concurrent-ruby (~> 1.0)
    dry-inflector (0.2.0)
    dry-logic (1.2.0)
      concurrent-ruby (~> 1.0)
      dry-core (~> 0.5, >= 0.5)
    dry-types (1.5.1)
      concurrent-ruby (~> 1.0)
      dry-container (~> 0.3)
      dry-core (~> 0.5, >= 0.5)
      dry-inflector (~> 0.1, >= 0.1.2)
      dry-logic (~> 1.0, >= 1.0.2)
    elasticsearch (7.12.0)
      elasticsearch-api (= 7.12.0)
      elasticsearch-transport (= 7.12.0)
    elasticsearch-api (7.12.0)
      multi_json
    elasticsearch-model (5.0.0)
      activesupport (> 3)
      elasticsearch (> 1)
      hashie
    elasticsearch-rails (5.0.0)
    elasticsearch-transport (7.12.0)
      faraday (~> 1)
      multi_json
    erubi (1.10.0)
    erubis (2.7.0)
    escape_utils (1.0.1)
    exception_notification (4.4.3)
      actionmailer (>= 4.0, < 7)
      activesupport (>= 4.0, < 7)
    exception_notification-rake (0.3.1)
      exception_notification (~> 4.3)
      rake (>= 0.9.0)
    execjs (2.7.0)
    factory_girl (4.5.0)
      activesupport (>= 3.0.0)
    factory_girl_rails (4.5.0)
      factory_girl (~> 4.5.0)
      railties (>= 3.0.0)
    faker (1.4.3)
      i18n (~> 0.5)
    faraday (1.0.1)
      multipart-post (>= 1.2, < 3)
    faraday-detailed_logger (2.3.0)
      faraday (>= 0.8, < 2)
    faraday_middleware (1.0.0)
      faraday (~> 1.0)
    fast_xs (0.8.0)
    ffi (1.15.0)
    figaro (1.1.1)
      thor (~> 0.14)
    fullcalendar-rails (2.0.2.0)
    github-linguist (2.12.1)
      charlock_holmes (~> 0.7.3)
      escape_utils (~> 1.0.1)
      mime-types (~> 1.19)
      pygments.rb (> 0.6.0)
    globalid (0.4.2)
      activesupport (>= 4.2.0)
    gon (6.3.1)
      actionpack (>= 3.0)
      multi_json
      request_store (>= 1.0)
    grape (1.3.3)
      activesupport
      builder
      dry-types (>= 1.1)
      mustermann-grape (~> 1.0.0)
      rack (>= 1.3.0)
      rack-accept
    grape-rabl (0.3.1)
      grape
      i18n
      rabl
      tilt
    grape-swagger (1.4.0)
      grape (~> 1.3)
    grape-swagger-rails (0.3.1)
      railties (>= 3.2.12)
    groupdate (5.2.2)
      activesupport (>= 5)
    hammerjs-rails (2.0.8)
    hashid-rails (1.4.1)
      activerecord (>= 4.0)
      hashids (~> 1.0)
    hashids (1.0.5)
    hashie (4.1.0)
    hashie_rails (0.0.4)
      hashie (>= 3.0)
    http-cookie (1.0.3)
      domain_name (~> 0.5)
    httparty (0.16.2)
      multi_xml (>= 0.5.2)
    i18n (0.7.0)
    i18n-js (3.8.2)
      i18n (>= 0.6.6)
    introjs-rails (1.0.0)
      sass-rails (>= 3.2)
      thor (~> 0.14)
    jbuilder (2.11.2)
      activesupport (>= 5.0.0)
    jquery-infinite-pages (0.2.0)
      coffee-script
      jquery-rails
      railties (>= 3.1)
    jquery-rails (4.4.0)
      rails-dom-testing (>= 1, < 3)
      railties (>= 4.2.0)
      thor (>= 0.14, < 2.0)
    jquery-validation-rails (1.19.0)
    js_cookie_rails (1.0.1)
      railties (>= 3.1)
    json (2.5.1)
    jwt (2.2.3)
    kaminari (0.17.0)
      actionpack (>= 3.0.0)
      activesupport (>= 3.0.0)
    launchy (2.5.0)
      addressable (~> 2.7)
    letter_opener (1.4.1)
      launchy (~> 2.2)
    libv8 (3.16.14.19)
    listen (3.5.1)
      rb-fsevent (~> 0.10, >= 0.10.3)
      rb-inotify (~> 0.9, >= 0.9.10)
    loofah (2.11.0)
      crass (~> 1.0.2)
      nokogiri (>= 1.5.9)
    mail (2.7.1)
      mini_mime (>= 0.1.1)
    marcel (0.3.3)
      mimemagic (~> 0.3.2)
    method_source (0.8.2)
    mime-types (1.25.1)
    mimemagic (0.3.10)
      nokogiri (~> 1)
      rake
    mini_mime (1.1.0)
    mini_portile2 (2.6.1)
    minitest (5.14.4)
    momentjs-rails (2.11.1)
      railties (>= 3.1)
    money (6.5.1)
      i18n (>= 0.6.4, <= 0.7.0)
    multi_json (1.15.0)
    multi_xml (0.6.0)
    multipart-post (2.1.1)
    murmurhash3 (0.1.6)
    mustermann (1.1.1)
      ruby2_keywords (~> 0.0.1)
    mustermann-grape (1.0.1)
      mustermann (>= 1.0.0)
    mysql2 (0.5.1)
    nested_form (0.3.2)
    net-http-persistent (4.0.1)
      connection_pool (~> 2.2)
    net-scp (3.0.0)
      net-ssh (>= 2.6.5, < 7.0.0)
    net-ssh (6.1.0)
    netrc (0.11.0)
    nio4r (2.5.7)
    nokogiri (1.12.1)
      mini_portile2 (~> 2.6.1)
      racc (~> 1.4)
    oauth (0.4.7)
    oauth2 (1.4.3)
      faraday (>= 0.8, < 2.0)
      jwt (>= 1.0, < 3.0)
      multi_json (~> 1.3)
      multi_xml (~> 0.5)
      rack (>= 1.2, < 3)
    orm_adapter (0.5.0)
    paper_trail (10.3.1)
      activerecord (>= 4.2)
      request_store (~> 1.1)
    paranoia (2.4.2)
      activerecord (>= 4.0, < 6.1)
    paypal-sdk-rest (1.4.6)
      multi_json (~> 1.0)
      uuidtools (~> 2.1)
      xml-simple
    pry (0.10.3)
      coderay (~> 1.1.0)
      method_source (~> 0.8.1)
      slop (~> 3.4)
    pry-nav (0.2.4)
      pry (>= 0.9.10, < 0.11.0)
    public_activity (1.6.4)
      actionpack (>= 3.0.0)
      activerecord (>= 3.0)
      i18n (>= 0.5.0)
      railties (>= 3.0.0)
    public_suffix (4.0.6)
    puma (5.2.2)
      nio4r (~> 2.0)
    pundit (2.1.0)
      activesupport (>= 3.0.0)
    pygments.rb (2.2.0)
    qbo_api (2.0.0)
      faraday
      faraday-detailed_logger
      faraday_middleware
      nokogiri
    quickbooks-ruby (1.0.17)
      activemodel (> 4.0)
      multipart-post
      net-http-persistent
      nokogiri
      oauth2 (~> 1.4)
      roxml (~> 4.0)
    rabl (0.14.4)
      activesupport (>= 2.3.14)
    racc (1.5.2)
    rack (2.2.3)
    rack-accept (0.4.5)
      rack (>= 0.4)
    rack-cors (1.1.1)
      rack (>= 2.0.0)
    rack-proxy (0.6.5)
      rack
    rack-test (1.1.0)
      rack (>= 1.0, < 3)
    rails (6.0.2.2)
      actioncable (= 6.0.2.2)
      actionmailbox (= 6.0.2.2)
      actionmailer (= 6.0.2.2)
      actionpack (= 6.0.2.2)
      actiontext (= 6.0.2.2)
      actionview (= 6.0.2.2)
      activejob (= 6.0.2.2)
      activemodel (= 6.0.2.2)
      activerecord (= 6.0.2.2)
      activestorage (= 6.0.2.2)
      activesupport (= 6.0.2.2)
      bundler (>= 1.3.0)
      railties (= 6.0.2.2)
      sprockets-rails (>= 2.0.0)
    rails-dom-testing (2.0.3)
      activesupport (>= 4.2.0)
      nokogiri (>= 1.6)
    rails-html-sanitizer (1.3.0)
      loofah (~> 2.3)
    rails-settings-cached (0.6.6)
      rails (>= 4.2.0)
    railties (6.0.2.2)
      actionpack (= 6.0.2.2)
      activesupport (= 6.0.2.2)
      method_source
      rake (>= 0.8.7)
      thor (>= 0.20.3, < 2.0)
    rake (10.5.0)
    rb-fsevent (0.10.4)
    rb-inotify (0.10.1)
      ffi (~> 1.0)
    redis (4.2.5)
    ref (2.0.0)
    request_store (1.5.0)
      rack (>= 1.4)
    responders (3.0.1)
      actionpack (>= 5.0)
      railties (>= 5.0)
    rest-client (1.8.0)
      http-cookie (>= 1.0.2, < 2.0)
      mime-types (>= 1.16, < 3.0)
      netrc (~> 0.7)
    rmagick (2.15.4)
    rolify (5.1.0)
    roxml (4.1.1)
      activesupport (>= 4.0)
      nokogiri (>= 1.3.3)
    rspec-core (3.1.7)
      rspec-support (~> 3.1.0)
    rspec-expectations (3.1.2)
      diff-lcs (>= 1.2.0, < 2.0)
      rspec-support (~> 3.1.0)
    rspec-its (1.2.0)
      rspec-core (>= 3.0.0)
      rspec-expectations (>= 3.0.0)
    rspec-mocks (3.1.3)
      rspec-support (~> 3.1.0)
    rspec-rails (3.1.0)
      actionpack (>= 3.0)
      activesupport (>= 3.0)
      railties (>= 3.0)
      rspec-core (~> 3.1.0)
      rspec-expectations (~> 3.1.0)
      rspec-mocks (~> 3.1.0)
      rspec-support (~> 3.1.0)
    rspec-support (3.1.2)
    ruby-freshbooks (0.4.1)
      builder (>= 2.1.2)
      httparty (>= 0.5.0)
    ruby2_keywords (0.0.4)
    sass-rails (6.0.0)
      sassc-rails (~> 2.1, >= 2.1.1)
    sassc (2.4.0)
      ffi (~> 1.9)
    sassc-rails (2.1.2)
      railties (>= 4.0.0)
      sassc (>= 2.0)
      sprockets (> 3.0)
      sprockets-rails
      tilt
    semantic_range (3.0.0)
    shoulda (3.5.0)
      shoulda-context (~> 1.0, >= 1.0.1)
      shoulda-matchers (>= 1.4.1, < 3.0)
    shoulda-context (1.2.2)
    shoulda-matchers (2.8.0)
      activesupport (>= 3.0.0)
    sidekiq (6.2.1)
      connection_pool (>= 2.2.2)
      rack (~> 2.0)
      redis (>= 4.2.0)
    sidekiq-symbols (0.2.0)
      sidekiq
    simple_form (5.0.0)
      actionpack (>= 5.0)
      activemodel (>= 5.0)
    simple_token_authentication (1.17.0)
      actionmailer (>= 3.2.6, < 7)
      actionpack (>= 3.2.6, < 7)
      devise (>= 3.2, < 6)
    slim (3.0.7)
      temple (~> 0.7.6)
      tilt (>= 1.3.3, < 2.1)
    slim-rails (3.1.0)
      actionpack (>= 3.1)
      railties (>= 3.1)
      slim (~> 3.0)
    slop (3.6.0)
    sprockets (4.0.2)
      concurrent-ruby (~> 1.0)
      rack (> 1, < 3)
    sprockets-rails (3.2.1)
      actionpack (>= 4.0)
      activesupport (>= 4.0)
      sprockets (>= 3.0.0)
    sshkit (1.21.2)
      net-scp (>= 1.1.2)
      net-ssh (>= 2.8.0)
    stripe (1.56.0)
      rest-client (>= 1.4, < 4.0)
    temple (0.7.7)
    therubyracer (0.12.3)
      libv8 (~> 3.16.14.15)
      ref
    thor (0.20.3)
    thread_safe (0.3.6)
    tilt (2.0.10)
    tinymce-rails (4.3.13)
      railties (>= 3.1.1)
    to_words (1.1.1)
    trackstamps (0.0.9)
      devise
      rails
    twitter-bootstrap-rails (2.1.9)
      actionpack (>= 3.1)
      execjs
      railties (>= 3.1)
    tzinfo (1.2.9)
      thread_safe (~> 0.1)
    uglifier (3.0.0)
      execjs (>= 0.3.0, < 3)
    unf (0.1.4)
      unf_ext
    unf_ext (0.0.7.7)
    unix_utils (0.0.15)
    uuidtools (2.2.0)
    warden (1.2.9)
      rack (>= 2.0.9)
    webpacker (5.3.0)
      activesupport (>= 5.2)
      rack-proxy (>= 0.6.1)
      railties (>= 5.2)
      semantic_range (>= 2.3.0)
    websocket-driver (0.7.3)
      websocket-extensions (>= 0.1.0)
    websocket-extensions (0.1.5)
    whenever (0.9.7)
      chronic (>= 0.6.3)
    wicked_pdf (2.0.2)
      activesupport
    wkhtmltopdf-binary (0.9.9.3)
    xlsx_writer (0.4.4)
      activesupport
      fast_xs
      murmurhash3 (>= 0.1.4)
      unix_utils
    xml-simple (1.1.8)
    yajl-ruby (1.3.1)
    zeitwerk (2.4.2)

PLATFORMS
  ruby

DEPENDENCIES
  actionpack (= 6.0.2.2)
  active_link_to (= 1.0.3)
  activemerchant
  activemodel (~> 6.0.2.2)
  activerecord (~> 6.0.2.2)
  activerecord-session_store
  activesupport (~> 6.0.2.2)
  acts_as_archival (= 1.1.1)
  awesome_print (= 1.7.0)
  better_errors (= 2.1.1)
  bigdecimal (~> 1.2, >= 1.2.7)
  binding_of_caller (>= 0.6.9)
  browser
  browser-timezone-rails
  capistrano (= 3.10.2)
  capistrano-rails (= 1.1.3)
  capistrano-rvm (= 0.1.2)
  carrierwave (= 0.11.2)
  chartkick
  cocoon (~> 1.2, >= 1.2.11)
  coffee-rails (= 5.0.0)
  copyright-header (= 1.0.15)
  daemons (= 1.2.3)
  devise
  devise-encryptable (= 0.2.0)
  elasticsearch-model (= 5.0.0)
  elasticsearch-rails (= 5.0.0)
  exception_notification-rake (= 0.3.1)
  factory_girl (~> 4.5.0)
  factory_girl_rails (~> 4.5.0)
  faker (~> 1.4.3)
  faraday (= 1.0.1)
  figaro (= 1.1.1)
  fullcalendar-rails (= 2.0.2.0)
  gon (= 6.3.1)
  groupdate
  hammerjs-rails
  hashid-rails (~> 1.0)
  hashie_rails (= 0.0.4)
  i18n-js (~> 3.0, >= 3.0.5)
  introjs-rails
  jbuilder (~> 2.0)
  jquery-infinite-pages
  jquery-rails
  jquery-validation-rails
  js_cookie_rails (= 1.0.1)
  kaminari (= 0.17.0)
  letter_opener (= 1.4.1)
  listen
  momentjs-rails (= 2.11.1)
  money (~> 6.5.0)
  mysql2 (= 0.5.1)
  nested_form (= 0.3.2)
  nokogiri
  oauth (= 0.4.7)
  oauth2 (= 1.4.3)
  osb_api!
  paper_trail (= 10.3.1)
  paranoia (= 2.4.2)
  paypal-sdk-rest (= 1.4.6)
  pry (= 0.10.3)
  pry-nav (= 0.2.4)
  public_activity (~> 1.6.4)
  puma (= 5.2.2)
  pundit
  qbo_api
  quickbooks-ruby
  rack-cors (~> 1.1, >= 1.1.1)
  rails (~> 6.0.2, >= 6.0.2.2)
  rails-settings-cached (= 0.6.6)
  railties (= 6.0.2.2)
  rake (< 11.0)
  responders
  rest-client (= 1.8.0)
  rmagick (= 2.15.4)
  rolify (= 5.1.0)
  roxml
  rspec-its (= 1.2.0)
  rspec-rails (~> 3.1.0)
  ruby-freshbooks (= 0.4.1)
  sass-rails (>= 6)
  sassc (= 2.4.0)
  shoulda (~> 3.5.0)
  shoulda-matchers (= 2.8.0)
  sidekiq (>= 5.2.7)
  sidekiq-symbols (= 0.2.0)
  simple_form (= 5.0.0)
  simple_token_authentication (~> 1.0)
  slim (= 3.0.7)
  slim-rails (= 3.1.0)
  sprockets (~> 4)
  sprockets-rails (= 3.2.1)
  stripe (= 1.56.0)
  therubyracer (= 0.12.3)
  tinymce-rails (= 4.3.13)
  to_words
  trackstamps
  twitter-bootstrap-rails (~> 2.1.9)
  uglifier (= 3.0.0)
  webpacker
  whenever (= 0.9.7)
  wicked_pdf (~> 2.0.1)
  wkhtmltopdf-binary (~> 0.9.9.3)
  xlsx_writer (= 0.4.4)
  yajl-ruby (~> 1.3.1)

RUBY VERSION
   ruby 2.7.1p83

BUNDLED WITH
   2.1.4
